GEM
  remote: https://rubygems.org/
  specs:
    asciidoctor (0.1.4)
    diff-lcs (1.2.4)
    nokogiri (1.5.10)
    rspec (2.14.1)
      rspec-core (~> 2.14.0)
      rspec-expectations (~> 2.14.0)
      rspec-mocks (~> 2.14.0)
    rspec-core (2.14.5)
    rspec-expectations (2.14.3)
      diff-lcs (>= 1.1.3, < 2.0)
    rspec-mocks (2.14.3)
    tilt (1.4.1)

PLATFORMS
  ruby

DEPENDENCIES
  asciidoctor (~> 0.1.4)
  nokogiri
  rspec
  tilt
