GEM
  remote: https://rubygems.org/
  specs:
    asciidoctor (1.5.0.preview.1)
    diff-lcs (1.2.5)
    nokogiri (1.5.10)
    rspec (3.1.0)
      rspec-core (~> 3.1.0)
      rspec-expectations (~> 3.1.0)
      rspec-mocks (~> 3.1.0)
    rspec-core (3.1.4)
      rspec-support (~> 3.1.0)
    rspec-expectations (3.1.1)
      diff-lcs (>= 1.2.0, < 2.0)
      rspec-support (~> 3.1.0)
    rspec-mocks (3.1.1)
      rspec-support (~> 3.1.0)
    rspec-support (3.1.0)
    tilt (1.4.1)

PLATFORMS
  ruby

DEPENDENCIES
  asciidoctor (~> 1.5.0.preview.1)
  nokogiri
  rspec (~> 3.1.0)
  tilt
