GEM
  remote: https://rubygems.org/
  specs:
    asciidoctor (2.0.17)
    concurrent-ruby (1.1.10)
    diff-lcs (1.2.4)
    mini_portile2 (2.8.6)
    nokogiri (1.16.5)
      mini_portile2 (~> 2.8.2)
      racc (~> 1.4)
    racc (1.7.3)
    rspec (2.14.1)
      rspec-core (~> 2.14.0)
      rspec-expectations (~> 2.14.0)
      rspec-mocks (~> 2.14.0)
    rspec-core (2.14.6)
    rspec-expectations (2.14.3)
      diff-lcs (>= 1.1.3, < 2.0)
    rspec-mocks (2.14.3)
    tilt (1.4.1)

PLATFORMS
  ruby

DEPENDENCIES
  asciidoctor
  concurrent-ruby
  nokogiri
  rspec
  tilt

BUNDLED WITH
   2.4.19
