GEM
  remote: https://rubygems.org/
  specs:
    asciidoctor (2.0.23)
    concurrent-ruby (1.3.5)
    diff-lcs (1.6.1)
    mini_portile2 (2.8.8)
    nokogiri (1.18.8)
      mini_portile2 (~> 2.8.2)
      racc (~> 1.4)
    racc (1.8.1)
    rspec (3.13.0)
      rspec-core (~> 3.13.0)
      rspec-expectations (~> 3.13.0)
      rspec-mocks (~> 3.13.0)
    rspec-core (3.13.3)
      rspec-support (~> 3.13.0)
    rspec-expectations (3.13.3)
      diff-lcs (>= 1.2.0, < 2.0)
      rspec-support (~> 3.13.0)
    rspec-mocks (3.13.2)
      diff-lcs (>= 1.2.0, < 2.0)
      rspec-support (~> 3.13.0)
    rspec-support (3.13.2)
    tilt (2.6.0)

PLATFORMS
  ruby

DEPENDENCIES
  asciidoctor
  concurrent-ruby
  nokogiri
  rspec
  tilt

RUBY VERSION
   ruby 3.3.6p108

BUNDLED WITH
   2.4.19
