GEM
  remote: https://rubygems.org/
  specs:
    asciidoctor (1.5.0.preview.1)
    diff-lcs (1.2.4)
    mini_portile2 (2.8.0)
    nokogiri (1.13.6)
      mini_portile2 (~> 2.8.0)
      racc (~> 1.4)
    racc (1.6.0)
    rspec (2.14.1)
      rspec-core (~> 2.14.0)
      rspec-expectations (~> 2.14.0)
      rspec-mocks (~> 2.14.0)
    rspec-core (2.14.6)
    rspec-expectations (2.14.3)
      diff-lcs (>= 1.1.3, < 2.0)
    rspec-mocks (2.14.3)
    tilt (1.4.1)

PLATFORMS
  ruby

DEPENDENCIES
  asciidoctor (~> 1.5.0.preview.1)
  nokogiri
  rspec
  tilt
